PATH
  remote: .
  specs:
    scccp (0.0.4)
      net-scp

GEM
  remote: http://rubygems.org/
  specs:
    net-scp (1.0.4)
      net-ssh (>= 1.99.1)
    net-ssh (2.6.1)
    test-unit (2.5.2)

PLATFORMS
  ruby

DEPENDENCIES
  scccp!
  test-unit (= 2.5.2)
